GEM
  remote: https://rubygems.org/
  specs:
    axiom-types (0.1.1)
      descendants_tracker (~> 0.0.4)
      ice_nine (~> 0.11.0)
      thread_safe (~> 0.3, >= 0.3.1)
    coercible (1.0.0)
      descendants_tracker (~> 0.0.1)
    daemons (1.2.3)
    descendants_tracker (0.0.4)
      thread_safe (~> 0.3, >= 0.3.1)
    equalizer (0.0.11)
    ethon (0.7.4)
      ffi (>= 1.3.0)
    ffi (1.9.10)
    ice_nine (0.11.1)
    json (1.8.3)
    multi_json (1.11.2)
    ruby-ogginfo (0.7.2)
    telegrammer (0.2.0)
      multi_json (~> 1.11)
      typhoeus (~> 0.7)
      virtus (~> 1.0)
    thread_safe (0.3.5)
    typhoeus (0.7.2)
      ethon (>= 0.7.4)
    virtus (1.0.5)
      axiom-types (~> 0.1)
      coercible (~> 1.0)
      descendants_tracker (~> 0.0, >= 0.0.3)
      equalizer (~> 0.0, >= 0.0.9)

PLATFORMS
  ruby

DEPENDENCIES
  daemons
  json
  ruby-ogginfo
  telegrammer
